PATH
  remote: .
  specs:
    transaction-simple (1.4.0)

GEM
  remote: http://rubygems.org/
  specs:
    rake (0.9.2.2)

PLATFORMS
  ruby

DEPENDENCIES
  rake
  transaction-simple!
